GEM
  remote: http://rubygems.org/
  specs:
    json (1.5.3)
    mime-types (1.16)
    rack (1.3.5)
    sinatra (1.2.6)
      rack (~> 1.1)
      tilt (>= 1.2.2, < 2.0)
    tilt (1.3.3)
    typhoeus (0.2.4)
      mime-types
      mime-types

PLATFORMS
  ruby

DEPENDENCIES
  json
  sinatra
  typhoeus
